GEM
  remote: http://rubygems.org/
  specs:
    rake (0.9.2.2)
    rdiscount (1.6.8)

PLATFORMS
  ruby

DEPENDENCIES
  rake
  rdiscount
